GEM
  remote: http://rubygems.org/
  specs:
    addressable (2.2.7)
    akami (1.0.0)
      gyoku (>= 0.4.0)
    builder (3.0.0)
    gyoku (0.4.4)
      builder (>= 2.1.2)
    heroku (2.24.0)
      launchy (>= 0.3.2)
      netrc (~> 0.7.1)
      rest-client (~> 1.6.1)
      rubyzip
    hipchat (0.4.1)
      httparty
    httparty (0.8.1)
      multi_json
      multi_xml
    httpi (0.9.7)
      rack
    json_pure (1.7.0)
    launchy (2.1.0)
      addressable (~> 2.2.6)
    mime-types (1.18)
    multi_json (1.2.0)
    multi_xml (0.4.2)
    netrc (0.7.1)
    nokogiri (1.5.2)
    nori (1.1.0)
    rack (1.4.1)
    rack-protection (1.2.0)
      rack
    rest-client (1.6.7)
      mime-types (>= 1.16)
    rubyzip (0.9.7)
    savon (0.9.9)
      akami (~> 1.0)
      builder (>= 2.1.2)
      gyoku (>= 0.4.0)
      httpi (~> 0.9)
      nokogiri (>= 1.4.0)
      nori (~> 1.1)
      wasabi (~> 2.1)
    sinatra (1.3.2)
      rack (~> 1.3, >= 1.3.6)
      rack-protection (~> 1.2)
      tilt (~> 1.3, >= 1.3.3)
    tilt (1.3.3)
    wasabi (2.1.0)
      nokogiri (>= 1.4.0)

PLATFORMS
  ruby

DEPENDENCIES
  heroku
  hipchat
  httparty
  json_pure
  nokogiri
  savon
  sinatra
