GEM
  remote: http://rubygems.org/
  specs:
    addressable (2.2.7)
    heroku (2.24.0)
      launchy (>= 0.3.2)
      netrc (~> 0.7.1)
      rest-client (~> 1.6.1)
      rubyzip
    hipchat (0.4.1)
      httparty
    httparty (0.8.1)
      multi_json
      multi_xml
    launchy (2.1.0)
      addressable (~> 2.2.6)
    mime-types (1.18)
    multi_json (1.2.0)
    multi_xml (0.4.2)
    netrc (0.7.1)
    nokogiri (1.5.2)
    rack (1.4.1)
    rack-protection (1.2.0)
      rack
    rest-client (1.6.7)
      mime-types (>= 1.16)
    rubyzip (0.9.7)
    sinatra (1.3.2)
      rack (~> 1.3, >= 1.3.6)
      rack-protection (~> 1.2)
      tilt (~> 1.3, >= 1.3.3)
    tilt (1.3.3)

PLATFORMS
  ruby

DEPENDENCIES
  heroku
  hipchat
  httparty
  nokogiri
  sinatra
